GEM
  remote: https://rubygems.org/
  specs:
    byebug (3.2.0)
      columnize (~> 0.8)
      debugger-linecache (~> 1.2)
    columnize (0.8.9)
    debugger-linecache (1.2.0)
    sequel (4.13.0)
    sqlite3 (1.3.9)

PLATFORMS
  ruby

DEPENDENCIES
  byebug
  sequel
  sqlite3
